GEM
  remote: https://rubygems.org/
  specs:
    chucknorris (0.0.2)
    htmlentities (4.3.4)
    mustermann (1.0.2)
    rack (2.0.4)
    rack-protection (2.0.1)
      rack
    ruby_cowsay (0.1.2)
    sinatra (2.0.1)
      mustermann (~> 1.0)
      rack (~> 2.0)
      rack-protection (= 2.0.1)
      tilt (~> 2.0)
    tilt (2.0.8)

PLATFORMS
  ruby

DEPENDENCIES
  chucknorris
  htmlentities
  ruby_cowsay
  sinatra

BUNDLED WITH
   2.4.7

