GEM
  remote: https://rubygems.org/
  specs:
    htmlentities (4.3.4)
    json (2.6.3)
    mustermann (3.0.0)
      ruby2_keywords (~> 0.0.1)
    rack (2.2.6.3)
    rack-protection (3.0.5)
      rack
    ruby2_keywords (0.0.5)
    ruby_cowsay (0.1.3)
    sinatra (3.0.5)
      mustermann (~> 3.0)
      rack (~> 2.2, >= 2.2.4)
      rack-protection (= 3.0.5)
      tilt (~> 2.0)
    tilt (2.1.0)
    webrick (1.8.1)

PLATFORMS
  x86_64-linux-musl

DEPENDENCIES
  htmlentities
  json
  ruby_cowsay
  sinatra
  webrick

BUNDLED WITH
   2.4.7

